PATH
  remote: .
  specs:
    lynx (0.1.0)
      chronic (~> 0.10.2)

GEM
  remote: https://rubygems.org/
  specs:
    chronic (0.10.2)
    rake (10.5.0)

PLATFORMS
  ruby

DEPENDENCIES
  bundler (~> 1.17)
  lynx!
  rake (~> 10.0)

BUNDLED WITH
   1.17.2
